PATH
  remote: .
  specs:
    globalize3 (0.0.10)
      activemodel (>= 3.0.0)
      activerecord (>= 3.0.0)

GEM
  remote: http://rubygems.org/
  specs:
    activemodel (3.0.3)
      activesupport (= 3.0.3)
      builder (~> 2.1.2)
      i18n (~> 0.4)
    activerecord (3.0.3)
      activemodel (= 3.0.3)
      activesupport (= 3.0.3)
      arel (~> 2.0.2)
      tzinfo (~> 0.3.23)
    activesupport (3.0.3)
    arel (2.0.6)
    builder (2.1.2)
    columnize (0.3.2)
    database_cleaner (0.5.2)
    i18n (0.5.0)
    linecache (0.43)
    mocha (0.9.10)
      rake
    pathname_local (0.0.2)
    rake (0.8.7)
    ruby-debug (0.10.4)
      columnize (>= 0.1)
      ruby-debug-base (~> 0.10.4.0)
    ruby-debug-base (0.10.4)
      linecache (>= 0.3)
    sqlite3-ruby (1.3.2)
    test_declarative (0.0.4)
    tzinfo (0.3.23)

PLATFORMS
  ruby

DEPENDENCIES
  activemodel (>= 3.0.0)
  activerecord (>= 3.0.0)
  database_cleaner (= 0.5.2)
  globalize3!
  mocha
  pathname_local
  ruby-debug
  sqlite3-ruby
  test_declarative

METADATA
  version: 1.0.6
